GEM
  remote: http://rubygems.org/
  specs:
    actionpack (1.4.0)
    activesupport (3.2.3)
      i18n (~> 0.6)
      multi_json (~> 1.0)
    coffee-script (2.2.0)
      coffee-script-source
      execjs
    coffee-script-source (1.2.0)
    cssmin (1.0.2)
    execjs (1.3.0)
      multi_json (~> 1.0)
    ffi (1.0.11)
    growl (1.0.3)
    guard (1.0.1)
      ffi (>= 0.5.0)
      thor (~> 0.14.6)
    guard-shell (0.4.0)
      guard (>= 0.2.0)
    hike (1.2.1)
    i18n (0.6.0)
    libnotify (0.7.2)
    libv8 (3.3.10.4)
    multi_json (1.2.0)
    rack (1.4.1)
    rake (0.9.2.2)
    rb-inotify (0.8.8)
      ffi (>= 0.5.0)
    sprockets (2.4.0)
      hike (~> 1.2)
      multi_json (~> 1.0)
      rack (~> 1.0)
      tilt (~> 1.1, != 1.3.0)
    therubyracer (0.10.0)
      libv8 (~> 3.3.10)
    thor (0.14.6)
    tilt (1.3.3)
    uglifier (1.2.4)
      execjs (>= 0.3.0)
      multi_json (>= 1.0.2)

PLATFORMS
  ruby

DEPENDENCIES
  actionpack
  activesupport
  coffee-script
  cssmin
  growl
  guard
  guard-shell
  libnotify
  rake
  rb-inotify
  sprockets
  therubyracer
  uglifier
